PATH
  remote: .
  specs:
    capistrano-coditsu (0.1.1)
      bcrypt_pbkdf
      capistrano (>= 3.9)
      capistrano-bundler
      capistrano-rails
      capistrano-rbenv
      ed25519
      envlogic
      net-ssh

GEM
  remote: https://rubygems.org/
  specs:
    airbrussh (1.4.1)
      sshkit (>= 1.6.1, != 1.7.0)
    bcrypt_pbkdf (1.1.0)
    capistrano (3.17.2)
      airbrussh (>= 1.0.0)
      i18n
      rake (>= 10.0.0)
      sshkit (>= 1.9.0)
    capistrano-bundler (2.1.0)
      capistrano (~> 3.1)
    capistrano-rails (1.6.2)
      capistrano (~> 3.1)
      capistrano-bundler (>= 1.1, < 3)
    capistrano-rbenv (2.2.0)
      capistrano (~> 3.1)
      sshkit (~> 1.3)
    concurrent-ruby (1.2.2)
    dry-inflector (0.3.0)
    ed25519 (1.3.0)
    envlogic (1.1.5)
      dry-inflector (~> 0.1)
    i18n (1.12.0)
      concurrent-ruby (~> 1.0)
    net-scp (4.0.0)
      net-ssh (>= 2.6.5, < 8.0.0)
    net-ssh (7.1.0)
    rake (13.0.6)
    sshkit (1.21.4)
      net-scp (>= 1.1.2)
      net-ssh (>= 2.8.0)

PLATFORMS
  arm64-darwin
  x86_64-darwin
  x86_64-linux

DEPENDENCIES
  capistrano-coditsu!

BUNDLED WITH
   2.4.10
